GIT
  remote: git://github.com/ruby-rdf/rdf-spec.git
  revision: a09c6934287885bd161cb0cf28b972a22c50583c
  specs:
    rdf-spec (0.3.7)
      rspec (>= 2.8.0)

GIT
  remote: git://github.com/ruby-rdf/rdf.git
  revision: c6cb2be3430f926654cd57055466f82299ef1c8a
  specs:
    rdf (0.3.7)
      addressable (>= 2.2.6)

PATH
  remote: .
  specs:
    rdf-turtle (0.1.2)
      rdf (>= 0.3.4)

GEM
  remote: http://rubygems.org/
  specs:
    addressable (2.3.2)
    backports (2.6.4)
    columnize (0.3.6)
    debugger (1.2.0)
      columnize (>= 0.3.1)
      debugger-linecache (~> 1.1.1)
      debugger-ruby_core_source (~> 1.1.3)
    debugger-linecache (1.1.2)
      debugger-ruby_core_source (>= 1.1.1)
    debugger-ruby_core_source (1.1.3)
    diff-lcs (1.1.3)
    json (1.7.5)
    json (1.7.5-java)
    json-ld (0.3.0)
      backports
      json (>= 1.6.5)
      rdf (>= 0.3.5)
    open-uri-cached (0.0.5)
    promise (0.3.0)
    rake (0.9.2.2)
    rdf-isomorphic (0.3.4)
      rdf (>= 0.2.3)
    rspec (2.11.0)
      rspec-core (~> 2.11.0)
      rspec-expectations (~> 2.11.0)
      rspec-mocks (~> 2.11.0)
    rspec-core (2.11.1)
    rspec-expectations (2.11.2)
      diff-lcs (~> 1.1.3)
    rspec-mocks (2.11.2)
    spira (0.0.12)
      promise (>= 0.3.0)
      rdf (>= 0.2.3)
      rdf-isomorphic (>= 0.3.0)
    sxp (0.0.14)
      json (>= 1.5.1)
    wirble (0.1.3)
    yard (0.8.2.1)

PLATFORMS
  java
  ruby

DEPENDENCIES
  debugger
  json-ld (>= 0.3.0)
  open-uri-cached (>= 0.0.4)
  rake
  rdf!
  rdf-isomorphic (>= 0.3.4)
  rdf-spec!
  rdf-turtle!
  rspec (>= 2.8.0)
  spira (>= 0.0.12)
  sxp (>= 0.0.14)
  wirble
  yard (>= 0.6.0)
