PATH
  remote: .
  specs:
    rdf-turtle (0.1.2)
      rdf (>= 0.3.4)

GEM
  remote: http://rubygems.org/
  specs:
    addressable (2.2.8)
    diff-lcs (1.1.3)
    json (1.7.3)
    json (1.7.3-java)
    open-uri-cached (0.0.5)
    promise (0.3.0)
    rdf (0.3.5.2)
      addressable (>= 2.2.6)
    rdf-isomorphic (0.3.4)
      rdf (>= 0.2.3)
    rdf-n3 (0.3.7)
      rdf (>= 0.3.4)
    rdf-spec (0.3.5.1)
      rspec (>= 2.8.0)
    rspec (2.10.0)
      rspec-core (~> 2.10.0)
      rspec-expectations (~> 2.10.0)
      rspec-mocks (~> 2.10.0)
    rspec-core (2.10.1)
    rspec-expectations (2.10.0)
      diff-lcs (~> 1.1.3)
    rspec-mocks (2.10.1)
    spira (0.0.12)
      promise (>= 0.3.0)
      rdf (>= 0.2.3)
      rdf-isomorphic (>= 0.3.0)
    sxp (0.0.14)
      json (>= 1.5.1)
    wirble (0.1.3)
    yard (0.8.1)

PLATFORMS
  java
  ruby

DEPENDENCIES
  open-uri-cached (>= 0.0.4)
  rdf-isomorphic (>= 0.3.4)
  rdf-n3 (>= 0.3.5)
  rdf-spec (>= 0.3.4)
  rdf-turtle!
  rspec (>= 2.8.0)
  spira (>= 0.0.12)
  sxp (>= 0.0.14)
  wirble
  yard (>= 0.6.0)
