GIT
  remote: git://github.com/gkellogg/sxp-ruby.git
  revision: af08d70385f637726f56b6f40afc7192918518e0
  specs:
    sxp (0.0.14)
      json (>= 1.5.1)

GIT
  remote: git://github.com/ruby-rdf/rdf-spec.git
  revision: 9f3ba5bb046cf2dc9a8ff84ce4305c4456344cce
  specs:
    rdf-spec (0.3.11)
      rspec (>= 2.12.0)

GIT
  remote: git://github.com/ruby-rdf/rdf.git
  revision: 512c267a996aa77e3ab2184132c0ab9693c7339b
  specs:
    rdf (0.3.11)
      addressable (>= 2.2.6)

PATH
  remote: .
  specs:
    rdf-turtle (0.3.0)
      rdf (>= 0.3.11)

GEM
  remote: http://rubygems.org/
  specs:
    addressable (2.3.2)
    backports (2.6.5)
    diff-lcs (1.1.3)
    json (1.7.5)
    json (1.7.5-java)
    json-ld (0.3.1)
      backports
      json (>= 1.6.5)
      rdf (>= 0.3.5)
    open-uri-cached (0.0.5)
    rake (10.0.2)
    rdf-isomorphic (0.3.4)
      rdf (>= 0.2.3)
    rspec (2.12.0)
      rspec-core (~> 2.12.0)
      rspec-expectations (~> 2.12.0)
      rspec-mocks (~> 2.12.0)
    rspec-core (2.12.0)
    rspec-expectations (2.12.0)
      diff-lcs (~> 1.1.3)
    rspec-mocks (2.12.0)
    wirble (0.1.3)
    yard (0.8.3)

PLATFORMS
  java
  ruby

DEPENDENCIES
  json-ld (>= 0.3.1)
  open-uri-cached (>= 0.0.4)
  rake
  rdf!
  rdf-isomorphic (>= 0.3.4)
  rdf-spec!
  rdf-turtle!
  rspec (>= 2.12.0)
  sxp!
  wirble
  yard (>= 0.8.3)
