GIT
  remote: git://github.com/ruby-rdf/rdf-spec.git
  revision: 199007138fdd82dec0dab1274d33dddc92b73ed4
  specs:
    rdf-spec (0.3.8)
      rspec (>= 2.8.0)

GIT
  remote: git://github.com/ruby-rdf/rdf.git
  revision: 0696b96aac0d6969102afcd7af611340b79e8301
  specs:
    rdf (0.3.8)
      addressable (>= 2.2.6)

PATH
  remote: .
  specs:
    rdf-turtle (0.1.2)
      rdf (>= 0.3.4)

PATH
  remote: ../sxp-ruby
  specs:
    sxp (0.1.0)
      json (>= 1.5.1)

GEM
  remote: http://rubygems.org/
  specs:
    addressable (2.3.2)
    backports (2.6.4)
    columnize (0.3.6)
    debugger (1.2.1)
      columnize (>= 0.3.1)
      debugger-linecache (~> 1.1.1)
      debugger-ruby_core_source (~> 1.1.4)
    debugger-linecache (1.1.2)
      debugger-ruby_core_source (>= 1.1.1)
    debugger-ruby_core_source (1.1.4)
    diff-lcs (1.1.3)
    json (1.7.5)
    json (1.7.5-java)
    json-ld (0.3.0)
      backports
      json (>= 1.6.5)
      rdf (>= 0.3.5)
    open-uri-cached (0.0.5)
    promise (0.3.0)
    rake (0.9.2.2)
    rdf-isomorphic (0.3.4)
      rdf (>= 0.2.3)
    rspec (2.11.0)
      rspec-core (~> 2.11.0)
      rspec-expectations (~> 2.11.0)
      rspec-mocks (~> 2.11.0)
    rspec-core (2.11.1)
    rspec-expectations (2.11.3)
      diff-lcs (~> 1.1.3)
    rspec-mocks (2.11.3)
    spira (0.0.12)
      promise (>= 0.3.0)
      rdf (>= 0.2.3)
      rdf-isomorphic (>= 0.3.0)
    wirble (0.1.3)
    yard (0.8.3)

PLATFORMS
  java
  ruby

DEPENDENCIES
  debugger
  json-ld (>= 0.3.0)
  open-uri-cached (>= 0.0.4)
  rake
  rdf!
  rdf-isomorphic (>= 0.3.4)
  rdf-spec!
  rdf-turtle!
  rspec (>= 2.8.0)
  spira (>= 0.0.12)
  sxp!
  wirble
  yard (>= 0.6.0)
